GEM
  remote: http://rubygems.org/
  specs:
    bigdecimal (3.1.8)
    htmlbeautifier (1.4.3)
    language_server-protocol (3.17.0.3)
    logger (1.5.0)
    percentage (2.1.1)
      bigdecimal
    prism (1.0.0)
    rbs (3.5.3)
      logger
    ruby-lsp (0.17.17)
      language_server-protocol (~> 3.17.0)
      prism (~> 1.0)
      rbs (>= 3, < 4)
      sorbet-runtime (>= 0.5.10782)
    sorbet-runtime (0.5.11554)

PLATFORMS
  ruby
  x86_64-linux

DEPENDENCIES
  htmlbeautifier
  percentage
  ruby-lsp

BUNDLED WITH
   2.5.18
